GIT
  remote: git://github.com/chriseppstein/compass.git
  revision: 206cf467e20d3ae08d2e824bd0e8be2a98d15158
  specs:
    compass (0.13.alpha.0.206cf46)
      chunky_png (~> 1.2)
      fssm (>= 0.2.7)
      sass (~> 3.2.0.alpha.93)

GIT
  remote: git://github.com/ericam/susy.git
  revision: 53bbbf2887750ab4fd6ca47af04464ac951489c9
  specs:
    susy (1.0.rc.3)
      compass (>= 0.12.2)
      sass (>= 3.2.0.alpha.247)

GEM
  remote: https://rubygems.org/
  specs:
    addressable (2.3.1)
    awesome_print (1.0.2)
    backports (2.6.2)
    capistrano (2.12.0)
      highline
      net-scp (>= 1.0.0)
      net-sftp (>= 2.0.0)
      net-ssh (>= 2.0.14)
      net-ssh-gateway (>= 1.1.0)
    chunky_png (1.2.5)
    coderay (1.0.7)
    coffee-script (2.2.0)
      coffee-script-source
      execjs
    coffee-script-source (1.3.3)
    colorize (0.5.8)
    daemons (1.1.8)
    diff-lcs (1.1.3)
    diff_match_patch (0.1.0)
    em-websocket (0.3.8)
      addressable (>= 2.1.1)
      eventmachine (>= 0.12.9)
    eventmachine (0.12.10)
    execjs (1.4.0)
      multi_json (~> 1.0)
    ffi (1.1.0)
    fssm (0.2.9)
    guard (1.2.3)
      listen (>= 0.4.2)
      thor (>= 0.14.6)
    guard-livereload (1.0.0)
      em-websocket (>= 0.2.0)
      guard (>= 1.1.0)
      multi_json (~> 1.0)
    guard-rspec (1.2.0)
      guard (>= 1.1)
    guard-sprockets2 (0.0.6)
      guard
      sprockets (~> 2.0)
    highline (1.6.13)
    hike (1.2.1)
    json (1.7.3)
    libv8 (3.3.10.4)
    listen (0.4.7)
      rb-fchange (~> 0.0.5)
      rb-fsevent (~> 0.9.1)
      rb-inotify (~> 0.8.8)
    metaclass (0.0.1)
    method_source (0.8)
    mocha (0.12.1)
      metaclass (~> 0.0.1)
    mock_redis (0.4.1)
    msgpack (0.4.7)
    multi_json (1.3.6)
    mustache (0.99.4)
    net-scp (1.0.4)
      net-ssh (>= 1.99.1)
    net-sftp (2.0.5)
      net-ssh (>= 2.0.9)
    net-ssh (2.5.2)
    net-ssh-gateway (1.1.0)
      net-ssh (>= 1.99.1)
    pry (0.9.10)
      coderay (~> 1.0.5)
      method_source (~> 0.8)
      slop (~> 3.3.1)
    pry-nav (0.2.2)
      pry (~> 0.9.10)
    rack (1.4.1)
    rack-protection (1.2.0)
      rack
    rack-test (0.6.1)
      rack (>= 1.0)
    rake (0.9.2.2)
    rb-fchange (0.0.5)
      ffi
    rb-fsevent (0.9.1)
    rb-inotify (0.8.8)
      ffi (>= 0.5.0)
    redis (3.0.1)
    rspec (2.11.0)
      rspec-core (~> 2.11.0)
      rspec-expectations (~> 2.11.0)
      rspec-mocks (~> 2.11.0)
    rspec-core (2.11.1)
    rspec-expectations (2.11.1)
      diff-lcs (~> 1.1.3)
    rspec-mocks (2.11.1)
    sass (3.2.0.alpha.275)
    sinatra (1.3.2)
      rack (~> 1.3, >= 1.3.6)
      rack-protection (~> 1.2)
      tilt (~> 1.3, >= 1.3.3)
    sinatra-contrib (1.3.1)
      backports (>= 2.0)
      eventmachine
      rack-protection
      rack-test
      sinatra (~> 1.3.0)
      tilt (~> 1.3)
    sinatra-reloader (1.0)
      sinatra-contrib
    slop (3.3.2)
    sprockets (2.4.5)
      hike (~> 1.2)
      multi_json (~> 1.0)
      rack (~> 1.0)
      tilt (~> 1.1, != 1.3.0)
    therubyracer (0.10.1)
      libv8 (~> 3.3.10)
    thin (1.4.1)
      daemons (>= 1.0.9)
      eventmachine (>= 0.12.6)
      rack (>= 1.0.0)
    thor (0.15.4)
    tilt (1.3.3)
    uglifier (1.2.6)
      execjs (>= 0.3.0)
      multi_json (~> 1.3)

PLATFORMS
  ruby

DEPENDENCIES
  awesome_print
  capistrano
  coffee-script
  colorize
  compass!
  diff_match_patch
  em-websocket
  guard-livereload
  guard-rspec
  guard-sprockets2
  json
  mocha
  mock_redis
  msgpack
  mustache
  pry
  pry-nav
  rake
  redis
  rspec
  sass
  sinatra
  sinatra-contrib
  sinatra-reloader
  sprockets
  susy!
  therubyracer
  thin
  uglifier
